GIT
  remote: https://github.com/rchampourlier/guard-self_test.git
  revision: a0e3ad5bedd53117925186d4154bb21787473b00
  branch: master
  specs:
    guard-self_test (0.0.1)

GEM
  remote: http://rubygems.org/
  specs:
    ffi (1.1.5)
    guard (1.3.1)
      listen (>= 0.4.2)
      thor (>= 0.14.6)
    listen (0.4.7)
      rb-fchange (~> 0.0.5)
      rb-fsevent (~> 0.9.1)
      rb-inotify (~> 0.8.8)
    rb-fchange (0.0.5)
      ffi
    rb-fsevent (0.9.1)
    rb-inotify (0.8.8)
      ffi (>= 0.5.0)
    thor (0.16.0)

PLATFORMS
  ruby

DEPENDENCIES
  bundler
  guard
  guard-self_test!
